GEM
  remote: https://rubygems.org/
  specs:
    CFPropertyList (3.0.5)
      rexml
    atomos (0.1.3)
    claide (1.0.3)
    colored2 (3.1.2)
    nanaimo (0.3.0)
    rexml (3.2.5)
    rouge (2.0.7)
    rubyzip (2.3.2)
    xcode-archive-cache (0.0.12)
      claide (~> 1.0)
      rubyzip (>= 2.0, < 3.0)
      xcodeproj (>= 1.10, < 2.0)
      xcpretty (~> 0.3)
    xcodeproj (1.21.0)
      CFPropertyList (>= 2.3.3, < 4.0)
      atomos (~> 0.1.3)
      claide (>= 1.0.2, < 2.0)
      colored2 (~> 3.1)
      nanaimo (~> 0.3.0)
      rexml (~> 3.2.4)
    xcpretty (0.3.0)
      rouge (~> 2.0.7)

PLATFORMS
  arm64-darwin-20

DEPENDENCIES
  xcode-archive-cache

BUNDLED WITH
   2.2.32
